PATH
  remote: .
  specs:
    string_dot_levenshtein (0.1.1)

GEM
  remote: https://rubygems.org/
  specs:
    rake (13.0.3)

PLATFORMS
  x86_64-linux

DEPENDENCIES
  rake (~> 13.0)
  string_dot_levenshtein!

BUNDLED WITH
   2.2.4
